PATH
  remote: .
  specs:
    jslint-v8 (1.0.0)
      therubyracer (~> 0.9.4)

GEM
  remote: http://rubygems.org/
  specs:
    libv8 (3.3.10.2)
    rake (0.9.2)
    test-unit (2.3.2)
    therubyracer (0.9.4)
      libv8 (~> 3.3.10)

PLATFORMS
  ruby

DEPENDENCIES
  jslint-v8!
  rake
  test-unit
